PATH
  remote: .
  specs:
    travis-yml (0.0.1)
      activesupport
      amatch
      oj
      puma
      rack
      rack-cors
      rack-ssl-enforcer
      sentry-raven
      travis-conditions
      travis-config

GEM
  remote: https://rubygems.org/
  specs:
    activemodel (5.1.4)
      activesupport (= 5.1.4)
    activerecord (5.1.4)
      activemodel (= 5.1.4)
      activesupport (= 5.1.4)
      arel (~> 8.0)
    activesupport (5.1.4)
      concurrent-ruby (~> 1.0, >= 1.0.2)
      i18n (~> 0.7)
      minitest (~> 5.1)
      tzinfo (~> 1.1)
    amatch (0.4.0)
      mize
      tins (~> 1.0)
    arel (8.0.0)
    awesome_print (1.8.0)
    coderay (1.1.1)
    concurrent-ruby (1.0.5)
    diff-lcs (1.3)
    faraday (0.14.0)
      multipart-post (>= 1.2, < 3)
    foreman (0.84.0)
      thor (~> 0.19.1)
    hashr (2.0.1)
    i18n (0.9.1)
      concurrent-ruby (~> 1.0)
    method_source (0.8.2)
    minitest (5.10.3)
    mize (0.3.4)
      protocol
    multipart-post (2.0.0)
    oj (3.3.10)
    parslet (1.8.2)
    pg (0.21.0)
    protocol (1.0.1)
      ruby_parser (~> 3.0)
    pry (0.10.4)
      coderay (~> 1.1.0)
      method_source (~> 0.8.1)
      slop (~> 3.4)
    puma (3.11.2)
    rack (2.0.3)
    rack-cors (1.1.1)
      rack (>= 2.0.0)
    rack-ssl-enforcer (0.2.9)
    rack-test (0.7.0)
      rack (>= 1.0, < 3)
    rspec (3.7.0)
      rspec-core (~> 3.7.0)
      rspec-expectations (~> 3.7.0)
      rspec-mocks (~> 3.7.0)
    rspec-core (3.7.0)
      rspec-support (~> 3.7.0)
    rspec-expectations (3.7.0)
      diff-lcs (>= 1.2.0, < 2.0)
      rspec-support (~> 3.7.0)
    rspec-mocks (3.7.0)
      diff-lcs (>= 1.2.0, < 2.0)
      rspec-support (~> 3.7.0)
    rspec-support (3.7.0)
    ruby_parser (3.10.1)
      sexp_processor (~> 4.9)
    sentry-raven (2.7.1)
      faraday (>= 0.7.6, < 1.0)
    sexp_processor (4.10.0)
    slop (3.6.0)
    thor (0.19.4)
    thread_safe (0.3.6)
    tins (1.16.3)
    travis-conditions (1.0.6)
      parslet (~> 1.8)
      travis-env_vars (~> 0.1)
    travis-config (1.1.3)
      hashr (~> 2.0)
    travis-env_vars (0.1.1)
    tzinfo (1.2.4)
      thread_safe (~> 0.1)

PLATFORMS
  ruby

DEPENDENCIES
  activerecord
  awesome_print
  foreman
  pg
  pry
  rack-test
  rspec
  travis-conditions (~> 1.0.5)
  travis-yml!

BUNDLED WITH
   1.16.1
